PATH
  remote: .
  specs:
    libholdings (0.1.0)
      activesupport
      nokogiri
      zoom

GEM
  remote: https://rubygems.org/
  specs:
    activesupport (4.2.6)
      i18n (~> 0.7)
      json (~> 1.7, >= 1.7.7)
      minitest (~> 5.1)
      thread_safe (~> 0.3, >= 0.3.4)
      tzinfo (~> 1.1)
    i18n (0.7.0)
    json (1.8.3)
    mini_portile2 (2.1.0)
    minitest (5.9.0)
    nokogiri (1.6.8)
      mini_portile2 (~> 2.1.0)
      pkg-config (~> 1.1.7)
    pkg-config (1.1.7)
    rake (10.5.0)
    thread_safe (0.3.5)
    tzinfo (1.2.2)
      thread_safe (~> 0.1)
    zoom (0.5.0)

PLATFORMS
  ruby

DEPENDENCIES
  bundler (~> 1.12)
  libholdings!
  minitest (~> 5.0)
  rake (~> 10.0)

BUNDLED WITH
   1.12.5
